GIT
  remote: git://github.com/hybridgroup/artoo-ardrone.git
  revision: 8d962e6449eb536b7e5518bc12bede3e006239f6
  specs:
    artoo-ardrone (1.0.0.pre)
      artoo (~> 1.0.0.pre)
      hybridgroup-argus (~> 0.3.0)

GIT
  remote: git://github.com/hybridgroup/artoo.git
  revision: febb90cc6e44655fdf7b17071b2403edc2d09265
  specs:
    artoo (1.0.0.pre)
      celluloid (~> 0.14.0)
      celluloid-io (~> 0.14.0)
      multi_json (~> 1.6)
      pry (~> 0.9)
      rake (~> 10.0)
      reel (~> 0.4.pre)

GIT
  remote: git://github.com/jimweirich/argus.git
  revision: 1d07833cb9cf681e6c6f8422370845687d3bc7ab
  specs:
    argus (0.0.0)

GEM
  remote: https://rubygems.org/
  specs:
    celluloid (0.14.1)
      timers (>= 1.0.0)
    celluloid-io (0.14.1)
      celluloid (>= 0.14.1)
      nio4r (>= 0.4.5)
    certified (0.1.1)
    coderay (1.0.9)
    http (0.4.0)
      certified
      http_parser.rb
    http_parser.rb (0.5.3)
    hybridgroup-argus (0.3.0)
    method_source (0.8.1)
    multi_json (1.7.6)
    nio4r (0.4.6)
    pry (0.9.12.2)
      coderay (~> 1.0.5)
      method_source (~> 0.8)
      slop (~> 3.4)
    rack (1.5.2)
    rake (10.0.4)
    reel (0.4.0.pre)
      celluloid-io (>= 0.8.0)
      http (>= 0.2.0)
      http_parser.rb (>= 0.5.3)
      rack (>= 1.4.0)
      websocket_parser (>= 0.1.2)
    slop (3.4.5)
    timers (1.1.0)
    websocket_parser (0.1.4)
      http

PLATFORMS
  ruby

DEPENDENCIES
  argus!
  artoo!
  artoo-ardrone!
